GIT
  remote: https://github.com/Envek/ffi-hunspell
  revision: 2d846e6f89860747d4729cb4e06cf27c28f0c760
  branch: add_dic_support_continued
  specs:
    ffi-hunspell (0.4.0)
      ffi (~> 1.0)

GEM
  remote: https://rubygems.org/
  specs:
    diff-lcs (1.3)
    ffi (1.9.18)
    ffi (1.9.18-java)
    json (2.1.0)
    json (2.1.0-java)
    puma (3.9.1)
    puma (3.9.1-java)
    rack (2.0.3)
    rack-test (0.7.0)
      rack (>= 1.0, < 3)
    rspec (3.6.0)
      rspec-core (~> 3.6.0)
      rspec-expectations (~> 3.6.0)
      rspec-mocks (~> 3.6.0)
    rspec-core (3.6.0)
      rspec-support (~> 3.6.0)
    rspec-expectations (3.6.0)
      diff-lcs (>= 1.2.0, < 2.0)
      rspec-support (~> 3.6.0)
    rspec-mocks (3.6.0)
      diff-lcs (>= 1.2.0, < 2.0)
      rspec-support (~> 3.6.0)
    rspec-support (3.6.0)

PLATFORMS
  java
  ruby

DEPENDENCIES
  ffi-hunspell!
  json
  puma
  rack
  rack-test
  rspec

BUNDLED WITH
   1.15.3
